GEM
  remote: http://rubygems.org/
  specs:
    rserve-client (0.3.1)

PLATFORMS
  ruby

DEPENDENCIES
  rserve-client

RUBY VERSION
   ruby 2.3.1p112

BUNDLED WITH
   1.12.5
